PATH
  remote: .
  specs:
    ach (0.5.12)
      holidays (>= 1.2.0, <= 6.4.0)

GEM
  remote: https://rubygems.org/
  specs:
    ZenTest (4.11.2)
    appraisal (2.2.0)
      bundler
      rake
      thor (>= 0.14.0)
    autotest (4.4.6)
      ZenTest (>= 4.4.1)
    diff-lcs (1.2.5)
    holidays (6.4.0)
    rake (11.3.0)
    rspec (3.5.0)
      rspec-core (~> 3.5.0)
      rspec-expectations (~> 3.5.0)
      rspec-mocks (~> 3.5.0)
    rspec-core (3.5.4)
      rspec-support (~> 3.5.0)
    rspec-expectations (3.5.0)
      diff-lcs (>= 1.2.0, < 2.0)
      rspec-support (~> 3.8.0)
    rspec-mocks (3.8.0)
      diff-lcs (>= 1.2.0, < 2.0)
      rspec-support (~> 3.8.0)
    rspec-support (3.8.0)
    thor (0.20.3)

PLATFORMS
  ruby

DEPENDENCIES
  ach!
  appraisal
  autotest
  rake
  rspec (~> 3.2)

BUNDLED WITH
   1.16.2
